GEM
  remote: https://rubygems.org/
  specs:
    pdf-core (0.9.0)
    prawn (2.4.0)
      pdf-core (~> 0.9.0)
      ttfunk (~> 1.7)
    ttfunk (1.7.0)

PLATFORMS
  universal-darwin-21

DEPENDENCIES
  prawn (~> 2.4)

BUNDLED WITH
   2.2.30
