GEM
  remote: https://rubygems.org/
  specs:
    ffi (1.15.5)
    os (1.1.4)

PLATFORMS
  universal-darwin-21

DEPENDENCIES
  ffi (~> 1.15)
  os (~> 1.1)

BUNDLED WITH
   2.2.30
